GEM
  remote: https://rubygems.org/
  specs:
    atk (3.3.1)
      glib2 (= 3.3.1)
    cairo (1.16.2)
      native-package-installer (>= 1.0.3)
      pkg-config (>= 1.2.2)
    cairo-gobject (3.3.1)
      cairo (>= 1.16.2)
      glib2 (= 3.3.1)
    coderay (1.1.2)
    faraday (0.15.4)
      multipart-post (>= 1.2, < 3)
    gdk_pixbuf2 (3.3.1)
      gio2 (= 3.3.1)
    gettext (3.2.9)
      locale (>= 2.0.5)
      text (>= 1.3.0)
    gio2 (3.3.1)
      gobject-introspection (= 3.3.1)
    glib2 (3.3.1)
      native-package-installer (>= 1.0.3)
      pkg-config (>= 1.2.2)
    gobject-introspection (3.3.1)
      glib2 (= 3.3.1)
    gtk2 (3.3.1)
      atk (= 3.3.1)
      gdk_pixbuf2 (= 3.3.1)
      pango (= 3.3.1)
    hikidoc (0.1.0)
    kramdown (2.0.0)
    locale (2.1.2)
    mini_portile2 (2.4.0)
    multipart-post (2.0.0)
    native-package-installer (1.0.6)
    nokogiri (1.10.1)
      mini_portile2 (~> 2.4.0)
    pango (3.3.1)
      cairo-gobject (= 3.3.1)
      gobject-introspection (= 3.3.1)
    pkg-config (1.3.2)
    poppler (3.3.1)
      cairo-gobject (= 3.3.1)
      gio2 (= 3.3.1)
    rabbit (2.2.1)
      coderay (>= 1.0.0)
      faraday
      gdk_pixbuf2 (>= 3.0.9)
      gettext (>= 3.0.1)
      gio2
      gtk2
      hikidoc
      kramdown
      nokogiri
      poppler
      rdtool
      rouge
      rsvg2 (>= 3.1.4)
      rttool
    rdtool (0.6.38)
    rouge (3.3.0)
    rsvg2 (3.3.1)
      cairo-gobject (= 3.3.1)
      gdk_pixbuf2 (= 3.3.1)
    rttool (1.0.3.0)
    text (1.3.1)

PLATFORMS
  ruby

DEPENDENCIES
  rabbit

BUNDLED WITH
   1.16.6
